GIT
  remote: https://github.com/Unact/activerecord-sqlanywhere-adapter
  revision: ca095178af67b052e7c3ae50fe5fa2e5dfaa50a5
  branch: rails51
  specs:
    activerecord-sqlanywhere-adapter (2.1.5)
      activerecord (>= 5.0.0)
      sqlanywhere (>= 0.2.0)

GIT
  remote: https://github.com/springbok/sqlanywhere
  revision: da95a9e72124f7e0165bbaf8be04cc1febab3980
  branch: ruby22
  specs:
    sqlanywhere (0.2.0)

PATH
  remote: .
  specs:
    next_id (0.1.0)
      activerecord (>= 5.1.0)

GEM
  remote: https://rubygems.org/
  specs:
    activemodel (5.1.4)
      activesupport (= 5.1.4)
    activerecord (5.1.4)
      activemodel (= 5.1.4)
      activesupport (= 5.1.4)
      arel (~> 8.0)
    activesupport (5.1.4)
      concurrent-ruby (~> 1.0, >= 1.0.2)
      i18n (~> 0.7)
      minitest (~> 5.1)
      tzinfo (~> 1.1)
    arel (8.0.0)
    composite_primary_keys (10.0.0)
      activerecord (~> 5.1.0)
    concurrent-ruby (1.0.5)
    diff-lcs (1.3)
    i18n (0.8.6)
    minitest (5.10.3)
    rake (10.5.0)
    rspec (3.6.0)
      rspec-core (~> 3.6.0)
      rspec-expectations (~> 3.6.0)
      rspec-mocks (~> 3.6.0)
    rspec-core (3.6.0)
      rspec-support (~> 3.6.0)
    rspec-expectations (3.6.0)
      diff-lcs (>= 1.2.0, < 2.0)
      rspec-support (~> 3.6.0)
    rspec-mocks (3.6.0)
      diff-lcs (>= 1.2.0, < 2.0)
      rspec-support (~> 3.6.0)
    rspec-support (3.6.0)
    thread_safe (0.3.6)
    tzinfo (1.2.3)
      thread_safe (~> 0.1)

PLATFORMS
  ruby

DEPENDENCIES
  activerecord-sqlanywhere-adapter!
  bundler (~> 1.15)
  composite_primary_keys (>= 7.0.16)
  next_id!
  rake (~> 10.0)
  rspec (~> 3.0)
  sqlanywhere!

BUNDLED WITH
   1.15.4
