GIT
  remote: https://github.com/Unact/activerecord-sqlanywhere-adapter
  revision: 5e3d3afcec18c911728f21b1af5387300580d6ff
  ref: 5e3d3af
  specs:
    activerecord-sqlanywhere-adapter (1.1.1)
      activerecord (>= 4.0, < 4.2)
      sqlanywhere (>= 0.1.5)

PATH
  remote: .
  specs:
    next_id (0.1.0)
      activerecord (>= 4.1.8)
      sqlanywhere (>= 0.1.6)

GEM
  remote: https://rubygems.org/
  specs:
    activemodel (4.1.16)
      activesupport (= 4.1.16)
      builder (~> 3.1)
    activerecord (4.1.16)
      activemodel (= 4.1.16)
      activesupport (= 4.1.16)
      arel (~> 5.0.0)
    activesupport (4.1.16)
      i18n (~> 0.6, >= 0.6.9)
      json (~> 1.7, >= 1.7.7)
      minitest (~> 5.1)
      thread_safe (~> 0.1)
      tzinfo (~> 1.1)
    arel (5.0.1.20140414130214)
    builder (3.2.3)
    composite_primary_keys (7.0.16)
      activerecord (~> 4.1.7)
    diff-lcs (1.3)
    i18n (0.8.6)
    json (1.8.6)
    minitest (5.10.3)
    rake (10.5.0)
    rspec (3.6.0)
      rspec-core (~> 3.6.0)
      rspec-expectations (~> 3.6.0)
      rspec-mocks (~> 3.6.0)
    rspec-core (3.6.0)
      rspec-support (~> 3.6.0)
    rspec-expectations (3.6.0)
      diff-lcs (>= 1.2.0, < 2.0)
      rspec-support (~> 3.6.0)
    rspec-mocks (3.6.0)
      diff-lcs (>= 1.2.0, < 2.0)
      rspec-support (~> 3.6.0)
    rspec-support (3.6.0)
    sqlanywhere (0.1.6)
    thread_safe (0.3.6)
    tzinfo (1.2.3)
      thread_safe (~> 0.1)

PLATFORMS
  ruby

DEPENDENCIES
  activerecord-sqlanywhere-adapter!
  bundler (~> 1.15)
  composite_primary_keys (>= 7.0.16)
  next_id!
  rake (~> 10.0)
  rspec (~> 3.0)

BUNDLED WITH
   1.15.4
